PATH
  remote: .
  specs:
    state_machine (0.0.1)
      ruby-graphviz

GEM
  remote: http://www.rubygems.org/
  specs:
    ast (2.3.0)
    docile (1.1.5)
    json (2.0.3)
    minitest (5.9.0)
    parser (2.3.3.1)
      ast (~> 2.2)
    powerpack (0.1.1)
    rainbow (2.2.1)
    rake (12.0.0)
    rubocop (0.47.1)
      parser (>= 2.3.3.1, < 3.0)
      powerpack (~> 0.1)
      rainbow (>= 1.99.1, < 3.0)
      ruby-progressbar (~> 1.7)
      unicode-display_width (~> 1.0, >= 1.0.1)
    ruby-graphviz (1.2.2)
    ruby-progressbar (1.8.1)
    simplecov (0.12.0)
      docile (~> 1.1.0)
      json (>= 1.8, < 3)
      simplecov-html (~> 0.10.0)
    simplecov-html (0.10.0)
    unicode-display_width (1.1.3)

PLATFORMS
  ruby

DEPENDENCIES
  minitest
  rake
  rubocop
  simplecov
  state_machine!

RUBY VERSION
   ruby 2.3.0p0

BUNDLED WITH
   1.13.7
