PATH
  remote: .
  specs:
    state_machine (0.0.1)

GEM
  remote: http://www.rubygems.org/
  specs:
    docile (1.1.5)
    json (2.0.3)
    minitest (5.9.0)
    rake (12.0.0)
    ruby-graphviz (1.2.2)
    simplecov (0.12.0)
      docile (~> 1.1.0)
      json (>= 1.8, < 3)
      simplecov-html (~> 0.10.0)
    simplecov-html (0.10.0)

PLATFORMS
  ruby

DEPENDENCIES
  minitest
  rake
  ruby-graphviz
  simplecov
  state_machine!

RUBY VERSION
   ruby 2.3.0p0

BUNDLED WITH
   1.13.7
